GEM
  remote: https://rubygems.org/
  specs:
    pg (1.5.4)

PLATFORMS
  x86_64-darwin-21

DEPENDENCIES
  pg

RUBY VERSION
   ruby 3.2.2p53

BUNDLED WITH
   2.4.20
